GEM
  remote: https://rubygems.org/
  specs:
    chunky_png (1.3.7)
    compass (1.0.3)
      chunky_png (~> 1.2)
      compass-core (~> 1.0.2)
      compass-import-once (~> 1.0.5)
      rb-fsevent (>= 0.9.3)
      rb-inotify (>= 0.9)
      sass (>= 3.3.13, < 3.5)
    compass-core (1.0.3)
      multi_json (~> 1.0)
      sass (>= 3.3.0, < 3.5)
    compass-import-once (1.0.5)
      sass (>= 3.2, < 3.5)
    eventmachine (1.0.6)
    ffi (1.9.6)
    flint-gs (2.3.7)
      sass (~> 3.4)
    graphite-sass (0.5.5)
      sass (>= 3.3.0)
    json (1.8.2)
    multi_json (1.12.1)
    rb-fsevent (0.9.7)
    rb-inotify (0.9.7)
      ffi (>= 0.5.0)
    sass (3.4.22)
    sass-globbing (1.1.5)
      sass (>= 3.1)
    sassy-export (2.0.1)
    stampy (0.1.1)
      sass (>= 3.3.0)

PLATFORMS
  ruby

DEPENDENCIES
  compass (~> 1.0)
  eventmachine (= 1.0.6)
  ffi (= 1.9.6)
  flint-gs (~> 2.1)
  graphite-sass (~> 0.5.5)
  json (= 1.8.2)
  sass-globbing (~> 1.1)
  sassy-export (~> 2.0)
  stampy (~> 0.1)

BUNDLED WITH
   1.13.2
